GEM
  remote: https://rubygems.org/
  specs:
    coderay (1.1.3)
    csv (3.2.6)
    method_source (1.0.0)
    mustermann (3.0.0)
      ruby2_keywords (~> 0.0.1)
    nio4r (2.5.9)
    pry (0.14.2)
      coderay (~> 1.1)
      method_source (~> 1.0)
    puma (6.2.2)
      nio4r (~> 2.0)
    rack (2.2.7)
    rack-protection (3.0.6)
      rack
    rake (13.0.6)
    ruby (0.1.0)
    ruby2_keywords (0.0.5)
    securerandom (0.2.2)
    shotgun (0.9.2)
      rack (>= 1.0)
    sinatra (3.0.6)
      mustermann (~> 3.0)
      rack (~> 2.2, >= 2.2.4)
      rack-protection (= 3.0.6)
      tilt (~> 2.0)
    tilt (2.1.0)

PLATFORMS
  arm64-darwin-22

DEPENDENCIES
  csv (~> 3.2)
  pry (~> 0.14.2)
  puma (~> 6.2)
  rake (~> 13.0)
  ruby (~> 0.1.0)
  securerandom (~> 0.2.2)
  shotgun (~> 0.9.2)
  sinatra (~> 3.0)

BUNDLED WITH
   2.4.12
